NUGET
  remote: https://nuget.org/api/v2
  specs:
    FAKE (3.9.9)
GITHUB
  remote: fsharp/FAKE